GIT
  remote: git://github.com/cvut/kosapi_client.rb.git
  revision: f4f07a58ac1de8faa02ff28a47193773ec4098c2
  specs:
    kosapi_client (0.0.1)
      activesupport
      escape_utils
      faraday (~> 0.8.9)
      oauth2
      ox
      uri_template

GIT
  remote: git://github.com/jnv/guard-shotgun.git
  revision: a792fd849f267faf4e47ddf386c876049124475b
  specs:
    guard-shotgun (0.3.0)
      ffi
      guard (~> 2.0)
      spoon

GEM
  remote: https://rubygems.org/
  specs:
    activesupport (4.1.4)
      i18n (~> 0.6, >= 0.6.9)
      json (~> 1.7, >= 1.7.7)
      minitest (~> 5.1)
      thread_safe (~> 0.1)
      tzinfo (~> 1.1)
    awesome_print (1.2.0)
    axiom-types (0.1.1)
      descendants_tracker (~> 0.0.4)
      ice_nine (~> 0.11.0)
      thread_safe (~> 0.3, >= 0.3.1)
    bogus (0.1.5)
      dependor (>= 0.0.4)
    builder (3.2.2)
    celluloid (0.15.2)
      timers (~> 1.1.0)
    codeclimate-test-reporter (0.3.0)
      simplecov (>= 0.7.1, < 1.0.0)
    coderay (1.1.0)
    coercible (1.0.0)
      descendants_tracker (~> 0.0.1)
    database_cleaner (1.3.0)
    dependor (1.0.1)
    descendants_tracker (0.0.4)
      thread_safe (~> 0.3, >= 0.3.1)
    diff-lcs (1.2.5)
    docile (1.1.5)
    dotenv (0.11.1)
      dotenv-deployment (~> 0.0.2)
    dotenv-deployment (0.0.2)
    em-websocket (0.5.1)
      eventmachine (>= 0.12.9)
      http_parser.rb (~> 0.6.0)
    equalizer (0.0.9)
    escape_utils (1.0.1)
    eventmachine (1.0.3)
    fabrication (2.11.3)
    faraday (0.8.9)
      multipart-post (~> 1.2.0)
    ffi (1.9.3)
    formatador (0.2.5)
    grape (0.8.0)
      activesupport
      builder
      hashie (>= 2.1.0)
      multi_json (>= 1.3.2)
      multi_xml (>= 0.5.2)
      rack (>= 1.3.0)
      rack-accept
      rack-mount
      virtus (>= 1.0.0)
    guard (2.6.1)
      formatador (>= 0.2.4)
      listen (~> 2.7)
      lumberjack (~> 1.0)
      pry (>= 0.9.12)
      thor (>= 0.18.1)
    guard-livereload (2.3.0)
      em-websocket (~> 0.5)
      guard (~> 2.0)
      multi_json (~> 1.8)
    guard-rspec (4.3.1)
      guard (~> 2.1)
      rspec (>= 2.14, < 4.0)
    guard-yard (2.1.1)
      guard (>= 1.1.0)
      yard (>= 0.7.0)
    hashie (3.2.0)
    http_parser.rb (0.6.0)
    i18n (0.6.11)
    icalendar (2.1.1)
    ice_cube (0.12.1)
    ice_nine (0.11.0)
    json (1.8.1)
    json_spec (1.1.2)
      multi_json (~> 1.0)
      rspec (>= 2.0, < 4.0)
    jwt (1.0.0)
    kramdown (1.4.0)
    listen (2.7.9)
      celluloid (>= 0.15.2)
      rb-fsevent (>= 0.9.3)
      rb-inotify (>= 0.9)
    lumberjack (1.0.9)
    method_source (0.8.2)
    mini_portile (0.6.0)
    minitest (5.4.0)
    multi_json (1.10.1)
    multi_xml (0.5.5)
    multipart-post (1.2.0)
    nokogiri (1.6.3.1)
      mini_portile (= 0.6.0)
    oauth2 (1.0.0)
      faraday (>= 0.8, < 0.10)
      jwt (~> 1.0)
      multi_json (~> 1.3)
      multi_xml (~> 0.5)
      rack (~> 1.2)
    ox (2.1.3)
    pg (0.17.1)
    pry (0.10.0)
      coderay (~> 1.1.0)
      method_source (~> 0.8.1)
      slop (~> 3.4)
    pry-nav (0.2.4)
      pry (>= 0.9.10, < 0.11.0)
    rack (1.5.2)
    rack-accept (0.4.5)
      rack (>= 0.4)
    rack-mount (0.8.3)
      rack (>= 1.0.0)
    rack-test (0.6.2)
      rack (>= 1.0)
    rake (10.3.2)
    rb-fsevent (0.9.4)
    rb-inotify (0.9.5)
      ffi (>= 0.5.0)
    representable (1.8.5)
      multi_json
      nokogiri
      uber (~> 0.0.7)
    roar (0.12.7)
      representable (>= 1.6.0)
    role_playing (0.1.4)
      activesupport (>= 3.0.0)
    rspec (3.0.0)
      rspec-core (~> 3.0.0)
      rspec-expectations (~> 3.0.0)
      rspec-mocks (~> 3.0.0)
    rspec-core (3.0.3)
      rspec-support (~> 3.0.0)
    rspec-expectations (3.0.3)
      diff-lcs (>= 1.2.0, < 2.0)
      rspec-support (~> 3.0.0)
    rspec-mocks (3.0.3)
      rspec-support (~> 3.0.0)
    rspec-support (3.0.3)
    sequel (4.12.0)
    sequel_pg (1.6.10)
      pg (>= 0.8.0)
      sequel (>= 3.39.0)
    simplecov (0.9.0)
      docile (~> 1.1.0)
      multi_json
      simplecov-html (~> 0.8.0)
    simplecov-html (0.8.0)
    slop (3.6.0)
    spoon (0.0.4)
      ffi
    thor (0.19.1)
    thread_safe (0.3.4)
    timecop (0.7.1)
    timers (1.1.0)
    tzinfo (1.2.2)
      thread_safe (~> 0.1)
    uber (0.0.7)
    uri_template (0.7.0)
    vcr (2.9.2)
    virtus (1.0.3)
      axiom-types (~> 0.1)
      coercible (~> 1.0)
      descendants_tracker (~> 0.0, >= 0.0.3)
      equalizer (~> 0.0, >= 0.0.9)
    yard (0.8.7.4)

PLATFORMS
  ruby

DEPENDENCIES
  activesupport
  awesome_print
  bogus
  codeclimate-test-reporter
  database_cleaner
  dotenv
  fabrication
  grape
  guard-livereload
  guard-rspec
  guard-shotgun!
  guard-yard
  icalendar (~> 2.1.0)
  ice_cube
  json
  json_spec (~> 1.1.2)
  kosapi_client!
  kramdown
  pg
  pry (~> 0.10.0)
  pry-nav (~> 0.2.4)
  rack-test
  rake
  roar
  role_playing
  rspec (~> 3.0.0)
  sequel
  sequel_pg
  timecop
  vcr
